GIT
  remote: git://github.com/IvanShamatov/sinatra-soap.git
  revision: ed7fa9db1e4b65c8f27f485cf126374d01bb49d8
  specs:
    sinatra-soap (0.1.7)
      builder
      nokogiri
      nori (>= 2.0.0)
      sinatra

GEM
  remote: https://rubygems.org/
  specs:
    activesupport (5.2.1)
      concurrent-ruby (~> 1.0, >= 1.0.2)
      i18n (>= 0.7, < 2)
      minitest (~> 5.1)
      tzinfo (~> 1.1)
    akami (1.3.1)
      gyoku (>= 0.4.0)
      nokogiri
    ast (2.4.0)
    backports (3.11.4)
    builder (3.2.3)
    coderay (1.1.2)
    concurrent-ruby (1.1.3)
    connection_pool (2.2.2)
    daemons (1.2.6)
    diff-lcs (1.3)
    docile (1.3.1)
    dotenv (2.5.0)
    eventmachine (1.2.7)
    foreman (0.85.0)
      thor (~> 0.19.1)
    gyoku (1.3.1)
      builder (>= 2.1.2)
    hiredis (0.6.3)
    httparty (0.16.3)
      mime-types (~> 3.0)
      multi_xml (>= 0.5.2)
    httpi (2.4.4)
      rack
      socksify
    i18n (1.1.1)
      concurrent-ruby (~> 1.0)
    jaro_winkler (1.5.1)
    json (2.1.0)
    method_source (0.9.2)
    mime-types (3.2.2)
      mime-types-data (~> 3.2015)
    mime-types-data (3.2018.0812)
    mini_portile2 (2.4.0)
    minitest (5.11.3)
    multi_json (1.13.1)
    multi_xml (0.6.0)
    mustermann (1.0.3)
    nest (3.1.1)
      redic
    nokogiri (1.10.5)
      mini_portile2 (~> 2.4.0)
    nori (2.6.0)
    ohm (3.1.1)
      nest (~> 3)
      redic (~> 1.5.0)
      stal
    ohm-contrib (3.0.0)
      ohm (~> 3.0)
    parallel (1.12.1)
    parser (2.5.3.0)
      ast (~> 2.4.0)
    powerpack (0.1.2)
    pry (0.12.2)
      coderay (~> 1.1.0)
      method_source (~> 0.9.0)
    queryparams (0.0.3)
    rack (2.0.8)
    rack-contrib (2.1.0)
      rack (~> 2.0)
    rack-cors (1.0.6)
      rack (>= 1.6.0)
    rack-protection (2.0.4)
      rack
    rack-test (1.1.0)
      rack (>= 1.0, < 3)
    rainbow (3.0.0)
    redic (1.5.0)
      hiredis
    redis (4.0.3)
    rspec (3.8.0)
      rspec-core (~> 3.8.0)
      rspec-expectations (~> 3.8.0)
      rspec-mocks (~> 3.8.0)
    rspec-core (3.8.0)
      rspec-support (~> 3.8.0)
    rspec-expectations (3.8.2)
      diff-lcs (>= 1.2.0, < 2.0)
      rspec-support (~> 3.8.0)
    rspec-mocks (3.8.0)
      diff-lcs (>= 1.2.0, < 2.0)
      rspec-support (~> 3.8.0)
    rspec-support (3.8.0)
    rubocop (0.60.0)
      jaro_winkler (~> 1.5.1)
      parallel (~> 1.10)
      parser (>= 2.5, != 2.5.1.1)
      powerpack (~> 0.1)
      rainbow (>= 2.2.2, < 4.0)
      ruby-progressbar (~> 1.7)
      unicode-display_width (~> 1.4.0)
    ruby-progressbar (1.10.0)
    savon (2.12.0)
      akami (~> 1.2)
      builder (>= 2.1.2)
      gyoku (~> 1.2)
      httpi (~> 2.3)
      nokogiri (>= 1.8.1)
      nori (~> 2.4)
      wasabi (~> 3.4)
    sidekiq (5.2.3)
      connection_pool (~> 2.2, >= 2.2.2)
      rack-protection (>= 1.5.0)
      redis (>= 3.3.5, < 5)
    simplecov (0.16.1)
      docile (~> 1.1)
      json (>= 1.8, < 3)
      simplecov-html (~> 0.10.0)
    simplecov-html (0.10.2)
    sinatra (2.0.4)
      mustermann (~> 1.0)
      rack (~> 2.0)
      rack-protection (= 2.0.4)
      tilt (~> 2.0)
    sinatra-contrib (2.0.4)
      activesupport (>= 4.0.0)
      backports (>= 2.8.2)
      multi_json
      mustermann (~> 1.0)
      rack-protection (= 2.0.4)
      sinatra (= 2.0.4)
      tilt (>= 1.3, < 3)
    socksify (1.7.1)
    stal (0.3.0)
      redic (~> 1.5)
    thin (1.7.2)
      daemons (~> 1.0, >= 1.0.9)
      eventmachine (~> 1.0, >= 1.0.4)
      rack (>= 1, < 3)
    thor (0.19.4)
    thread_safe (0.3.6)
    tilt (2.0.8)
    tzinfo (1.2.5)
      thread_safe (~> 0.1)
    unicode-display_width (1.4.0)
    wasabi (3.5.0)
      httpi (~> 2.0)
      nokogiri (>= 1.4.2)

PLATFORMS
  ruby

DEPENDENCIES
  dotenv
  foreman
  httparty
  json
  ohm
  ohm-contrib
  pry
  queryparams
  rack-contrib
  rack-cors
  rack-test
  rspec
  rubocop
  savon
  sidekiq
  simplecov
  sinatra
  sinatra-contrib
  sinatra-soap!
  thin

BUNDLED WITH
   1.16.2
